GEM
  remote: https://rubygems.org/
  specs:
    circleci (1.0.1)

PLATFORMS
  ruby

DEPENDENCIES
  circleci

BUNDLED WITH
   1.10.5
